GEM
  remote: http://rubygems.org/
  specs:
    nio4r (2.4.0)
    puma (4.0.1)
      nio4r (~> 2.0)

PLATFORMS
  ruby

DEPENDENCIES
  puma

RUBY VERSION
   ruby 2.5.5p157

BUNDLED WITH
   2.0.1
