GEM
  remote: https://rubygems.org/
  specs:
    nio4r (2.5.4)
    puma (5.0.4)
      nio4r (~> 2.0)

PLATFORMS
  ruby

DEPENDENCIES
  puma (~> 5.0)

RUBY VERSION
   ruby 2.7.1p83

BUNDLED WITH
   2.1.4
